PATH
  remote: .
  specs:
    objective_shell (0.1.2)
      awesome_print
      dotenv (= 2.5.0)

GEM
  remote: https://rubygems.org/
  specs:
    awesome_print (1.8.0)
    diff-lcs (1.3)
    docile (1.3.1)
    dotenv (2.5.0)
    json (2.1.0)
    rake (10.5.0)
    rspec (3.8.0)
      rspec-core (~> 3.8.0)
      rspec-expectations (~> 3.8.0)
      rspec-mocks (~> 3.8.0)
    rspec-core (3.8.0)
      rspec-support (~> 3.8.0)
    rspec-expectations (3.8.1)
      diff-lcs (>= 1.2.0, < 2.0)
      rspec-support (~> 3.8.0)
    rspec-mocks (3.8.0)
      diff-lcs (>= 1.2.0, < 2.0)
      rspec-support (~> 3.8.0)
    rspec-support (3.8.0)
    simplecov (0.16.1)
      docile (~> 1.1)
      json (>= 1.8, < 3)
      simplecov-html (~> 0.10.0)
    simplecov-html (0.10.2)
    yard (0.9.22)

PLATFORMS
  ruby

DEPENDENCIES
  bundler (~> 1.16)
  objective_shell!
  rake (~> 10.0)
  rspec (~> 3.0)
  simplecov
  yard

BUNDLED WITH
   1.16.4
